GEM
  remote: http://rubygems.org/
  specs:
    diff-lcs (1.2.1)
    grit (2.5.0)
      diff-lcs (~> 1.1)
      mime-types (~> 1.15)
      posix-spawn (~> 0.3.6)
    haml (4.0.0)
      tilt
    mime-types (1.21)
    posix-spawn (0.3.6)
    rack (1.5.2)
    rack-protection (1.4.0)
      rack
    rdiscount (2.0.7.1)
    sinatra (1.3.5)
      rack (~> 1.4)
      rack-protection (~> 1.3)
      tilt (~> 1.3, >= 1.3.3)
    tilt (1.3.4)

PLATFORMS
  ruby

DEPENDENCIES
  grit
  haml
  rdiscount
  sinatra
